PATH
  remote: .
  specs:
    boxes-test (0.0.1)
      bundler (~> 1.6)
      bunny (~> 1.5)
      faraday (~> 0.9)

GEM
  remote: https://rubygems.org/
  specs:
    amq-protocol (1.9.2)
    bunny (1.6.3)
      amq-protocol (>= 1.9.2)
    faraday (0.9.0)
      multipart-post (>= 1.2, < 3)
    multipart-post (2.0.0)

PLATFORMS
  ruby

DEPENDENCIES
  boxes-test!
