GIT
  remote: git://github.com/gemhome/rmagick.git
  revision: 63277ad25fe4bbd56a0a6021b499cecc938df2cf
  specs:
    rmagick (2.13.3)

PATH
  remote: ../commons
  specs:
    boxes-commons (1.0.0)
      bunny (~> 1.5)
      mongo_mapper (~> 0.13.1)

PATH
  remote: ../test
  specs:
    boxes-test (0.0.1)
      bundler (~> 1.6)
      bunny (~> 1.5)
      faraday (~> 0.9)
      mongo (~> 1.11)

GEM
  remote: https://rubygems.org/
  specs:
    activemodel (4.1.8)
      activesupport (= 4.1.8)
      builder (~> 3.1)
    activesupport (4.1.8)
      i18n (~> 0.6, >= 0.6.9)
      json (~> 1.7, >= 1.7.7)
      minitest (~> 5.1)
      thread_safe (~> 0.1)
      tzinfo (~> 1.1)
    amq-protocol (1.9.2)
    bson (1.11.1)
    builder (3.2.2)
    bunny (1.6.3)
      amq-protocol (>= 1.9.2)
    cucumber (1.3.17)
      builder (>= 2.1.2)
      diff-lcs (>= 1.1.3)
      gherkin (~> 2.12)
      multi_json (>= 1.7.5, < 2.0)
      multi_test (>= 0.1.1)
    diff-lcs (1.2.5)
    faraday (0.9.0)
      multipart-post (>= 1.2, < 3)
    gherkin (2.12.2)
      multi_json (~> 1.3)
    i18n (0.6.11)
    json (1.8.1)
    minitest (5.4.3)
    mongo (1.11.1)
      bson (= 1.11.1)
    mongo_mapper (0.13.1)
      activemodel (>= 3.0.0)
      activesupport (>= 3.0)
      mongo (~> 1.8)
      plucky (~> 0.6.5)
    multi_json (1.10.1)
    multi_test (0.1.1)
    multipart-post (2.0.0)
    plucky (0.6.6)
      mongo (~> 1.5)
    rake (10.3.2)
    rspec (3.1.0)
      rspec-core (~> 3.1.0)
      rspec-expectations (~> 3.1.0)
      rspec-mocks (~> 3.1.0)
    rspec-core (3.1.7)
      rspec-support (~> 3.1.0)
    rspec-expectations (3.1.2)
      diff-lcs (>= 1.2.0, < 2.0)
      rspec-support (~> 3.1.0)
    rspec-mocks (3.1.3)
      rspec-support (~> 3.1.0)
    rspec-support (3.1.2)
    thread_safe (0.3.4)
    tzinfo (1.2.2)
      thread_safe (~> 0.1)

PLATFORMS
  ruby

DEPENDENCIES
  boxes-commons!
  boxes-test (= 0.0.1)!
  bundler (~> 1.6)
  cucumber (~> 1.3.17)
  rake
  rmagick!
  rspec (~> 3.1.0)
