GIT
  remote: git://github.com/gemhome/rmagick.git
  revision: f2a4b9e6a1c3656b5ac58e51482e27f40c5b1dc7
  specs:
    rmagick (2.13.3)

GEM
  remote: https://rubygems.org/
  specs:
    amq-protocol (1.9.2)
    builder (3.2.2)
    bunny (1.5.0)
      amq-protocol (>= 1.9.2)
    cucumber (1.3.17)
      builder (>= 2.1.2)
      diff-lcs (>= 1.1.3)
      gherkin (~> 2.12)
      multi_json (>= 1.7.5, < 2.0)
      multi_test (>= 0.1.1)
    diff-lcs (1.2.5)
    faraday (0.9.0)
      multipart-post (>= 1.2, < 3)
    gherkin (2.12.2)
      multi_json (~> 1.3)
    multi_json (1.10.1)
    multi_test (0.1.1)
    multipart-post (2.0.0)
    rake (10.3.2)
    rspec (3.1.0)
      rspec-core (~> 3.1.0)
      rspec-expectations (~> 3.1.0)
      rspec-mocks (~> 3.1.0)
    rspec-core (3.1.5)
      rspec-support (~> 3.1.0)
    rspec-expectations (3.1.2)
      diff-lcs (>= 1.2.0, < 2.0)
      rspec-support (~> 3.1.0)
    rspec-mocks (3.1.2)
      rspec-support (~> 3.1.0)
    rspec-support (3.1.1)

PLATFORMS
  ruby

DEPENDENCIES
  bundler (~> 1.6)
  bunny (~> 1.5.0)
  cucumber (~> 1.3.17)
  faraday (~> 0.9.0)
  rake
  rmagick!
  rspec (~> 3.1.0)
