GIT
  remote: git://github.com/gemhome/rmagick.git
  revision: 2d9037433386629b8412343162db87916e479613
  specs:
    rmagick (2.13.3)

PATH
  remote: ../commons
  specs:
    boxes-commons (1.0.0)
      bunny (~> 1.5)

GEM
  remote: https://rubygems.org/
  specs:
    amq-protocol (1.9.2)
    bunny (1.5.0)
      amq-protocol (>= 1.9.2)
    diff-lcs (1.2.5)
    fakefs (0.6.0)
    rake (10.3.2)
    rspec (3.1.0)
      rspec-core (~> 3.1.0)
      rspec-expectations (~> 3.1.0)
      rspec-mocks (~> 3.1.0)
    rspec-core (3.1.5)
      rspec-support (~> 3.1.0)
    rspec-expectations (3.1.2)
      diff-lcs (>= 1.2.0, < 2.0)
      rspec-support (~> 3.1.0)
    rspec-mocks (3.1.2)
      rspec-support (~> 3.1.0)
    rspec-support (3.1.1)

PLATFORMS
  ruby

DEPENDENCIES
  boxes-commons!
  bundler (~> 1.6)
  fakefs (~> 0.6.0)
  rake
  rmagick!
  rspec (~> 3.1.0)
