GIT
  remote: git://github.com/gemhome/rmagick.git
  revision: f2a4b9e6a1c3656b5ac58e51482e27f40c5b1dc7
  specs:
    rmagick (2.13.3)

PATH
  remote: ../commons
  specs:
    boxes-commons (0.0.1)
      bunny (~> 1.5)

GEM
  remote: https://rubygems.org/
  specs:
    amq-protocol (1.9.2)
    bunny (1.5.0)
      amq-protocol (>= 1.9.2)
    diff-lcs (1.2.5)
    rake (10.3.2)
    rspec (3.1.0)
      rspec-core (~> 3.1.0)
      rspec-expectations (~> 3.1.0)
      rspec-mocks (~> 3.1.0)
    rspec-core (3.1.7)
      rspec-support (~> 3.1.0)
    rspec-expectations (3.1.2)
      diff-lcs (>= 1.2.0, < 2.0)
      rspec-support (~> 3.1.0)
    rspec-mocks (3.1.3)
      rspec-support (~> 3.1.0)
    rspec-support (3.1.2)

PLATFORMS
  ruby

DEPENDENCIES
  boxes-commons!
  bundler (~> 1.6)
  rake
  rmagick!
  rspec (~> 3.1.0)
